PATH
  remote: .
  specs:
    recaptcha18 (1.1.0)
      json

GEM
  remote: https://rubygems.org/
  specs:
    activesupport (2.3.11)
    addressable (2.3.6)
    bump (0.5.2)
    columnize (0.3.6)
    crack (0.4.3)
      safe_yaml (~> 1.0.0)
    hashdiff (0.2.3)
    i18n (0.5.4)
    json (1.8.3)
    linecache (0.46)
      rbx-require-relative (> 0.0.4)
    maxitest (1.5.6)
      minitest (>= 5.0.0, < 5.9.0)
    metaclass (0.0.4)
    minitest (5.8.4)
    mocha (1.1.0)
      metaclass (~> 0.0.1)
    rake (10.5.0)
    rbx-require-relative (0.0.9)
    ruby-debug (0.10.4)
      columnize (>= 0.1)
      ruby-debug-base (~> 0.10.4.0)
    ruby-debug-base (0.10.4)
      linecache (>= 0.3)
    safe_yaml (1.0.4)
    webmock (1.22.6)
      addressable (>= 2.3.6)
      crack (>= 0.3.2)
      hashdiff

PLATFORMS
  ruby

DEPENDENCIES
  activesupport (~> 2.3.11)
  addressable (= 2.3.6)
  bump (= 0.5.2)
  i18n (~> 0.5.0)
  maxitest
  mocha
  rake
  recaptcha18!
  ruby-debug (= 0.10.4)
  webmock

BUNDLED WITH
   1.11.2
